GEM
  remote: https://rubygems.org/
  specs:
    connection_pool (2.3.0)
    nio4r (2.5.8)
    puma (6.0.0)
      nio4r (~> 2.0)
    rack (3.0.0)
    rackup (0.2.3)
      rack (>= 3.0.0.beta1)
      webrick
    redis (5.0.5)
      redis-client (>= 0.9.0)
    redis-client (0.11.1)
      connection_pool
    roda (3.61.0)
      rack
    sequel (5.62.0)
    webrick (1.7.0)

PLATFORMS
  ruby

DEPENDENCIES
  puma
  rack
  rackup
  redis
  roda
  sequel

BUNDLED WITH
   2.3.21
