GEM
  remote: https://rubygems.org/
  specs:
    connection_pool (2.3.0)
    excon (0.93.1)
    haml (6.0.10)
      temple (>= 0.8.2)
      thor
      tilt
    mini_portile2 (2.8.0)
    nio4r (2.5.8)
    puma (6.0.0)
      nio4r (~> 2.0)
    rack (3.0.0)
    rackup (0.2.3)
      rack (>= 3.0.0.beta1)
      webrick
    redis (5.0.5)
      redis-client (>= 0.9.0)
    redis-client (0.11.1)
      connection_pool
    roda (3.62.0)
      rack
    sequel (5.62.0)
    sqlite3 (1.5.3)
      mini_portile2 (~> 2.8.0)
    temple (0.9.1)
    thor (1.2.1)
    tilt (2.0.11)
    webrick (1.7.0)

PLATFORMS
  ruby

DEPENDENCIES
  excon
  haml
  puma
  rack
  rackup
  redis
  roda
  sequel
  sqlite3

BUNDLED WITH
   2.3.21
