GEM
  remote: https://rubygems.org/
  specs:
    connection_pool (2.3.0)
    excon (0.95.0)
    haml (6.1.1)
      temple (>= 0.8.2)
      thor
      tilt
    httparty (0.20.0)
      mime-types (~> 3.0)
      multi_xml (>= 0.5.2)
    mime-types (3.4.1)
      mime-types-data (~> 3.2015)
    mime-types-data (3.2022.0105)
    mini_portile2 (2.8.1)
    multi_xml (0.6.0)
    nio4r (2.5.8)
    puma (6.0.1)
      nio4r (~> 2.0)
    rack (3.0.2)
    rackup (0.2.3)
      rack (>= 3.0.0.beta1)
      webrick
    redis (5.0.5)
      redis-client (>= 0.9.0)
    redis-client (0.11.2)
      connection_pool
    roda (3.63.0)
      rack
    sequel (5.63.0)
    sqlite3 (1.5.4)
      mini_portile2 (~> 2.8.0)
    temple (0.9.1)
    thor (1.2.1)
    tilt (2.0.11)
    webrick (1.7.0)

PLATFORMS
  ruby

DEPENDENCIES
  excon
  haml
  httparty
  puma
  rack
  rackup
  redis
  roda
  sequel
  sqlite3

BUNDLED WITH
   2.3.21
